GIT
  remote: https://github.com/livingsocial/rake-pipeline.git
  revision: 65b1e744defa208e313703d89f3453447cc103b2
  specs:
    rake-pipeline (0.8.0)
      json
      rake (~> 10.0.0)
      thor

GIT
  remote: https://github.com/wycats/rake-pipeline-web-filters.git
  revision: 19a6a4e94c700081bbec5814f1536c2b4570979f
  specs:
    rake-pipeline-web-filters (0.6.0)
      rack
      rake-pipeline (~> 0.6)

GEM
  remote: https://rubygems.org/
  specs:
    execjs (2.0.1)
    json (1.8.0)
    multi_json (1.8.0)
    rack (1.5.2)
    rack-rewrite (1.2.1)
    rake (10.0.4)
    thor (0.18.1)
    uglifier (1.0.4)
      execjs (>= 0.3.0)
      multi_json (>= 1.0.2)

PLATFORMS
  ruby

DEPENDENCIES
  json
  rack-rewrite (~> 1.2.1)
  rake-pipeline!
  rake-pipeline-web-filters!
  uglifier (~> 1.0.3)
